GEM
  remote: https://rubygems.org/
  specs:
    sorbet (0.4.4602)
      sorbet-static (= 0.4.4602)
    sorbet-runtime (0.4.4602)
    sorbet-static (0.4.4602-universal-darwin-14)

PLATFORMS
  ruby

DEPENDENCIES
  sorbet
  sorbet-runtime

BUNDLED WITH
   2.0.2
