GEM
  remote: https://rubygems.org/
  specs:
    sorbet (0.4.4463)
      sorbet-static (= 0.4.4463)
    sorbet-runtime (0.4.4463)
    sorbet-static (0.4.4463-x86_64-linux)

PLATFORMS
  ruby

DEPENDENCIES
  sorbet
  sorbet-runtime

BUNDLED WITH
   2.0.2
